NUGET
  remote: https://nuget.org/api/v2
  specs:
    FAKE (3.35.0)
    FunScript (1.1.94)
