NUGET
  remote: https://www.nuget.org/api/v2
  specs:
    FAKE (4.0.0)
    FunScript (1.1.94)
GIT
  remote: git@github.com:ionide/ionide-helpers.git
  specs:
     (24bef8e776e13e53f9b8d014efe60c77ebe1b3bb)
      build: build.cmd